GEM
  remote: https://rubygems.org/
  specs:
    builder (3.2.2)
    cucumber (1.1.3)
      builder (>= 2.1.2)
      diff-lcs (>= 1.1.2)
      gherkin (~> 2.6.7)
      json (>= 1.4.6)
      term-ansicolor (>= 1.0.6)
    diff-lcs (1.1.3)
    domain_name (0.5.20160826)
      unf (>= 0.0.5, < 1.0.0)
    gherkin (2.6.9)
      json (>= 1.4.6)
    http-cookie (1.0.3)
      domain_name (~> 0.5)
    json (2.0.2)
    mime-types (2.99.3)
    netrc (0.11.0)
    rest-client (1.8.0)
      http-cookie (>= 1.0.2, < 2.0)
      mime-types (>= 1.16, < 3.0)
      netrc (~> 0.7)
    rspec-expectations (2.7.0)
      diff-lcs (~> 1.1.2)
    term-ansicolor (1.4.0)
      tins (~> 1.0)
    tins (1.12.0)
    unf (0.1.4)
      unf_ext
    unf_ext (0.0.7.2)

PLATFORMS
  ruby

DEPENDENCIES
  cucumber (~> 1.1.3)
  rest-client (~> 1.8)
  rspec-expectations (~> 2.7.0)

BUNDLED WITH
   1.13.5
